GEM
  remote: https://rubygems.org/
  specs:
    anthropic (1.1.1)
      connection_pool
    async (2.25.0)
      console (~> 1.29)
      fiber-annotation
      io-event (~> 1.11)
      metrics (~> 0.12)
      traces (~> 0.15)
    base64 (0.3.0)
    concurrent-ruby (1.3.5)
    connection_pool (2.5.3)
    console (1.31.0)
      fiber-annotation
      fiber-local (~> 1.1)
      json
    dotenv (3.1.8)
    dry-configurable (1.3.0)
      dry-core (~> 1.1)
      zeitwerk (~> 2.6)
    dry-core (1.1.0)
      concurrent-ruby (~> 1.0)
      logger
      zeitwerk (~> 2.6)
    dry-events (1.1.0)
      concurrent-ruby (~> 1.0)
      dry-core (~> 1.1)
    dry-logger (1.1.0)
    dry-monitor (1.0.1)
      dry-configurable (~> 1.0, < 2)
      dry-core (~> 1.0, < 2)
      dry-events (~> 1.0, < 2)
    dspy (0.3.1)
      anthropic (~> 1.1.0)
      async (~> 2.23)
      dry-configurable (~> 1.0)
      dry-logger (~> 1.0)
      dry-monitor (~> 1.0)
      openai (~> 0.9.0)
      ruby_llm (~> 1.0)
      sorbet-runtime (~> 0.5)
      sorbet-schema (~> 0.3)
    event_stream_parser (1.0.0)
    faraday (2.13.1)
      faraday-net_http (>= 2.0, < 3.5)
      json
      logger
    faraday-multipart (1.1.1)
      multipart-post (~> 2.0)
    faraday-net_http (3.4.1)
      net-http (>= 0.5.0)
    faraday-retry (2.3.2)
      faraday (~> 2.0)
    fiber-annotation (0.2.0)
    fiber-local (1.1.0)
      fiber-storage
    fiber-storage (1.0.1)
    io-event (1.11.0)
    json (2.12.2)
    logger (1.7.0)
    marcel (1.0.4)
    metrics (0.12.2)
    multipart-post (2.4.1)
    net-http (0.6.0)
      uri
    openai (0.9.0)
      connection_pool
    ruby_llm (1.3.1)
      base64
      event_stream_parser (~> 1)
      faraday (>= 1.10.0)
      faraday-multipart (>= 1)
      faraday-net_http (>= 1)
      faraday-retry (>= 1)
      marcel (~> 1.0)
      zeitwerk (~> 2)
    sorbet-result (1.2.0)
      sorbet-runtime (~> 0.5)
    sorbet-runtime (0.5.12204)
    sorbet-schema (0.9.2)
      sorbet-result (~> 1.1)
      sorbet-runtime (~> 0.5)
      sorbet-struct-comparable (~> 1.3)
      zeitwerk (~> 2.6)
    sorbet-struct-comparable (1.3.0)
      sorbet-runtime (>= 0.5)
    traces (0.15.2)
    uri (1.0.3)
    zeitwerk (2.7.3)

PLATFORMS
  arm64-darwin-23
  ruby

DEPENDENCIES
  dotenv
  dspy (~> 0.3.1)

RUBY VERSION
   ruby 3.3.5p100

BUNDLED WITH
   2.5.16
