GEM
  remote: https://rubygems.org/
  specs:
    addressable (2.8.7)
      public_suffix (>= 2.0.2, < 7.0)
    anthropic (1.5.0)
      connection_pool
    async (2.27.2)
      console (~> 1.29)
      fiber-annotation
      io-event (~> 1.11)
      metrics (~> 0.12)
      traces (~> 0.15)
    base64 (0.3.0)
    bigdecimal (3.2.2)
    byebug (12.0.0)
    coderay (1.1.3)
    concurrent-ruby (1.3.5)
    connection_pool (2.5.3)
    console (1.33.0)
      fiber-annotation
      fiber-local (~> 1.1)
      json
    crack (1.0.0)
      bigdecimal
      rexml
    csv (3.3.5)
    diff-lcs (1.6.2)
    dotenv (3.1.8)
    dry-configurable (1.3.0)
      dry-core (~> 1.1)
      zeitwerk (~> 2.6)
    dry-core (1.1.0)
      concurrent-ruby (~> 1.0)
      logger
      zeitwerk (~> 2.6)
    dry-logger (1.1.0)
    dspy (0.19.1)
      anthropic (~> 1.5.0)
      async (~> 2.23)
      dry-configurable (~> 1.0)
      dry-logger (~> 1.0)
      informers (~> 1.2)
      openai (~> 0.16.0)
      opentelemetry-exporter-otlp (~> 0.30)
      opentelemetry-sdk (~> 1.8)
      polars-df (~> 0.20.0)
      sorbet-runtime (~> 0.5)
      sorbet-schema (~> 0.3)
    extpp (0.1.1)
    ffi (1.17.2-aarch64-linux-gnu)
    ffi (1.17.2-aarch64-linux-musl)
    ffi (1.17.2-arm64-darwin)
    ffi (1.17.2-x86_64-darwin)
    ffi (1.17.2-x86_64-linux-gnu)
    ffi (1.17.2-x86_64-linux-musl)
    fiber-annotation (0.2.0)
    fiber-local (1.1.0)
      fiber-storage
    fiber-storage (1.0.1)
    fiddle (1.1.8)
    gio2 (4.3.0)
      fiddle
      gobject-introspection (= 4.3.0)
    glib2 (4.3.0)
      native-package-installer (>= 1.0.3)
      pkg-config (>= 1.3.5)
    gobject-introspection (4.3.0)
      glib2 (= 4.3.0)
    google-protobuf (4.31.1-aarch64-linux-gnu)
      bigdecimal
      rake (>= 13)
    google-protobuf (4.31.1-aarch64-linux-musl)
      bigdecimal
      rake (>= 13)
    google-protobuf (4.31.1-arm64-darwin)
      bigdecimal
      rake (>= 13)
    google-protobuf (4.31.1-x86_64-darwin)
      bigdecimal
      rake (>= 13)
    google-protobuf (4.31.1-x86_64-linux-gnu)
      bigdecimal
      rake (>= 13)
    google-protobuf (4.31.1-x86_64-linux-musl)
      bigdecimal
      rake (>= 13)
    googleapis-common-protos-types (1.20.0)
      google-protobuf (>= 3.18, < 5.a)
    hashdiff (1.2.0)
    informers (1.2.1)
      onnxruntime (>= 0.9)
      tokenizers (>= 0.5.3)
    io-event (1.12.1)
    json (2.13.2)
    logger (1.7.0)
    method_source (1.1.0)
    metrics (0.13.0)
    native-package-installer (1.1.9)
    onnxruntime (0.10.0-aarch64-linux)
      ffi
    onnxruntime (0.10.0-arm64-darwin)
      ffi
    onnxruntime (0.10.0-x86_64-darwin)
      ffi
    onnxruntime (0.10.0-x86_64-linux)
      ffi
    openai (0.16.0)
      connection_pool
    opentelemetry-api (1.5.0)
    opentelemetry-common (0.22.0)
      opentelemetry-api (~> 1.0)
    opentelemetry-exporter-otlp (0.30.0)
      google-protobuf (>= 3.18)
      googleapis-common-protos-types (~> 1.3)
      opentelemetry-api (~> 1.1)
      opentelemetry-common (~> 0.20)
      opentelemetry-sdk (~> 1.2)
      opentelemetry-semantic_conventions
    opentelemetry-registry (0.4.0)
      opentelemetry-api (~> 1.1)
    opentelemetry-sdk (1.8.0)
      opentelemetry-api (~> 1.1)
      opentelemetry-common (~> 0.20)
      opentelemetry-registry (~> 0.2)
      opentelemetry-semantic_conventions
    opentelemetry-semantic_conventions (1.11.0)
      opentelemetry-api (~> 1.0)
    pkg-config (1.6.2)
    polars-df (0.20.0-aarch64-linux)
      bigdecimal
    polars-df (0.20.0-aarch64-linux-musl)
      bigdecimal
    polars-df (0.20.0-arm64-darwin)
      bigdecimal
    polars-df (0.20.0-x86_64-darwin)
      bigdecimal
    polars-df (0.20.0-x86_64-linux)
      bigdecimal
    polars-df (0.20.0-x86_64-linux-musl)
      bigdecimal
    pry (0.15.2)
      coderay (~> 1.1)
      method_source (~> 1.0)
    pry-byebug (3.11.0)
      byebug (~> 12.0)
      pry (>= 0.13, < 0.16)
    public_suffix (6.0.2)
    rake (13.3.0)
    red-arrow (21.0.0)
      bigdecimal (>= 3.1.0)
      csv
      extpp (>= 0.1.1)
      gio2 (>= 4.2.3)
      pkg-config
    red-parquet (21.0.0)
      red-arrow (= 21.0.0)
    rexml (3.4.1)
    rspec (3.13.1)
      rspec-core (~> 3.13.0)
      rspec-expectations (~> 3.13.0)
      rspec-mocks (~> 3.13.0)
    rspec-core (3.13.5)
      rspec-support (~> 3.13.0)
    rspec-expectations (3.13.5)
      diff-lcs (>= 1.2.0, < 2.0)
      rspec-support (~> 3.13.0)
    rspec-mocks (3.13.5)
      diff-lcs (>= 1.2.0, < 2.0)
      rspec-support (~> 3.13.0)
    rspec-support (3.13.4)
    sorbet-result (1.4.0)
      sorbet-runtime (~> 0.5)
    sorbet-runtime (0.5.12388)
    sorbet-schema (0.9.2)
      sorbet-result (~> 1.1)
      sorbet-runtime (~> 0.5)
      sorbet-struct-comparable (~> 1.3)
      zeitwerk (~> 2.6)
    sorbet-struct-comparable (1.3.0)
      sorbet-runtime (>= 0.5)
    tokenizers (0.5.5-aarch64-linux)
    tokenizers (0.5.5-aarch64-linux-musl)
    tokenizers (0.5.5-arm64-darwin)
    tokenizers (0.5.5-x86_64-darwin)
    tokenizers (0.5.5-x86_64-linux)
    tokenizers (0.5.5-x86_64-linux-musl)
    traces (0.16.2)
    vcr (6.3.1)
      base64
    webmock (3.25.1)
      addressable (>= 2.8.0)
      crack (>= 0.3.2)
      hashdiff (>= 0.4.0, < 2.0.0)
    zeitwerk (2.7.3)

PLATFORMS
  aarch64-linux
  aarch64-linux-gnu
  aarch64-linux-musl
  arm64-darwin
  x86_64-darwin
  x86_64-linux
  x86_64-linux-gnu
  x86_64-linux-musl

DEPENDENCIES
  base64
  dotenv
  dspy (~> 0.19.1)
  pry
  pry-byebug
  red-parquet
  rspec (~> 3.13)
  vcr (~> 6.2)
  webmock (~> 3.23)

RUBY VERSION
   ruby 3.3.5p100

BUNDLED WITH
   2.5.16
