GEM
  remote: https://rubygems.org/
  specs:
    addressable (2.8.7)
      public_suffix (>= 2.0.2, < 7.0)
    anthropic (1.1.1)
      connection_pool
    async (2.26.0)
      console (~> 1.29)
      fiber-annotation
      io-event (~> 1.12)
      metrics (~> 0.12)
      traces (~> 0.15)
    base64 (0.3.0)
    bigdecimal (3.2.2)
    byebug (12.0.0)
    coderay (1.1.3)
    concurrent-ruby (1.3.5)
    connection_pool (2.5.3)
    console (1.32.0)
      fiber-annotation
      fiber-local (~> 1.1)
      json
    crack (1.0.0)
      bigdecimal
      rexml
    diff-lcs (1.6.2)
    dotenv (3.1.8)
    dry-configurable (1.3.0)
      dry-core (~> 1.1)
      zeitwerk (~> 2.6)
    dry-core (1.1.0)
      concurrent-ruby (~> 1.0)
      logger
      zeitwerk (~> 2.6)
    dry-events (1.1.0)
      concurrent-ruby (~> 1.0)
      dry-core (~> 1.1)
    dry-logger (1.1.0)
    dry-monitor (1.0.1)
      dry-configurable (~> 1.0, < 2)
      dry-core (~> 1.0, < 2)
      dry-events (~> 1.0, < 2)
    dspy (0.11.0)
      anthropic (~> 1.1.0)
      async (~> 2.23)
      dry-configurable (~> 1.0)
      dry-logger (~> 1.0)
      dry-monitor (~> 1.0)
      informers (~> 1.2)
      openai (~> 0.13.0)
      polars-df (~> 0.20.0)
      sorbet-runtime (~> 0.5)
      sorbet-schema (~> 0.3)
    ffi (1.17.2)
    ffi (1.17.2-arm64-darwin)
    fiber-annotation (0.2.0)
    fiber-local (1.1.0)
      fiber-storage
    fiber-storage (1.0.1)
    hashdiff (1.2.0)
    informers (1.2.1)
      onnxruntime (>= 0.9)
      tokenizers (>= 0.5.3)
    io-event (1.12.0)
    json (2.13.0)
    logger (1.7.0)
    method_source (1.1.0)
    metrics (0.12.2)
    onnxruntime (0.10.0)
      ffi
    onnxruntime (0.10.0-arm64-darwin)
      ffi
    openai (0.13.1)
      connection_pool
    polars-df (0.20.0)
      bigdecimal
      rb_sys
    polars-df (0.20.0-arm64-darwin)
      bigdecimal
    pry (0.15.2)
      coderay (~> 1.1)
      method_source (~> 1.0)
    pry-byebug (3.11.0)
      byebug (~> 12.0)
      pry (>= 0.13, < 0.16)
    public_suffix (6.0.2)
    rake-compiler-dock (1.9.1)
    rb_sys (0.9.116)
      rake-compiler-dock (= 1.9.1)
    rexml (3.4.1)
    rspec (3.13.1)
      rspec-core (~> 3.13.0)
      rspec-expectations (~> 3.13.0)
      rspec-mocks (~> 3.13.0)
    rspec-core (3.13.5)
      rspec-support (~> 3.13.0)
    rspec-expectations (3.13.5)
      diff-lcs (>= 1.2.0, < 2.0)
      rspec-support (~> 3.13.0)
    rspec-mocks (3.13.5)
      diff-lcs (>= 1.2.0, < 2.0)
      rspec-support (~> 3.13.0)
    rspec-support (3.13.4)
    sorbet-result (1.4.0)
      sorbet-runtime (~> 0.5)
    sorbet-runtime (0.5.12356)
    sorbet-schema (0.9.2)
      sorbet-result (~> 1.1)
      sorbet-runtime (~> 0.5)
      sorbet-struct-comparable (~> 1.3)
      zeitwerk (~> 2.6)
    sorbet-struct-comparable (1.3.0)
      sorbet-runtime (>= 0.5)
    tokenizers (0.5.5)
      rb_sys
    tokenizers (0.5.5-arm64-darwin)
    traces (0.15.2)
    vcr (6.3.1)
      base64
    webmock (3.25.1)
      addressable (>= 2.8.0)
      crack (>= 0.3.2)
      hashdiff (>= 0.4.0, < 2.0.0)
    zeitwerk (2.7.3)

PLATFORMS
  arm64-darwin-23
  ruby

DEPENDENCIES
  dotenv
  dspy
  pry
  pry-byebug
  rspec (~> 3.13)
  vcr (~> 6.2)
  webmock (~> 3.23)

RUBY VERSION
   ruby 3.3.8p144

BUNDLED WITH
   2.6.9
